GEM
  remote: https://rubygems.org/
  specs:
    aws-sdk (1.63.0)
      aws-sdk-v1 (= 1.63.0)
    aws-sdk-v1 (1.63.0)
      json (~> 1.4)
      nokogiri (>= 1.4.4)
    extensions (0.6.0)
    highline (1.6.19)
    json (1.7.7)
    mini_portile (0.6.2)
    nokogiri (1.6.6.2)
      mini_portile (~> 0.6.0)
    progressbar (0.10.0)
    s3cp (1.1.39)
      aws-sdk (~> 1.63.0)
      extensions (~> 0.6)
      highline (>= 1.5.1)
      nokogiri (~> 1.6.6.2)
      progressbar (~> 0.10.0)

PLATFORMS
  ruby

DEPENDENCIES
  s3cp
